GEM
  specs:
    diff-lcs (1.1.3)
    growl (1.0.3)
    guard (1.4.0)
      listen (>= 0.4.2)
      thor (>= 0.14.6)
    guard-rspec (1.2.1)
      guard (>= 1.1)
    listen (0.5.3)
    rb-fsevent (0.9.2)
    rspec (2.10.0)
      rspec-core (~> 2.10.0)
      rspec-expectations (~> 2.10.0)
      rspec-mocks (~> 2.10.0)
    rspec-core (2.10.1)
    rspec-expectations (2.10.0)
      diff-lcs (~> 1.1.3)
    rspec-mocks (2.10.1)
    thor (0.16.0)

PLATFORMS
  ruby

DEPENDENCIES
  growl
  guard-rspec
  rb-fsevent (~> 0.9.1)
  rspec
